GIT
  remote: git://github.com/bcardarella/client_side_validations.git
  revision: e72c9061470f7180c598afbd6b45e71698b71623
  specs:
    client_side_validations (3.1.0)

GIT
  remote: git://github.com/collectiveidea/delayed_job.git
  revision: b30362263080425402dbf8addbc0105c6a563c2d
  specs:
    delayed_job (3.0.0.pre)
      activesupport
      daemons

GIT
  remote: git://github.com/collectiveidea/delayed_job_active_record.git
  revision: a091820c5e4b430901eacebe7e11996cd8e24fed
  specs:
    delayed_job_active_record (0.2.0)
      activerecord (> 2.1.0)
      delayed_job (= 3.0.0.pre)

GIT
  remote: git://github.com/galetahub/simple-captcha.git
  revision: c294fc9c9f87edba3042a97a408470fa30a1a92c
  specs:
    simple_captcha (0.1.1)

GIT
  remote: git://github.com/odorcicd/authlogic.git
  revision: a087ad0cba3c165ba22fcf176c28b6f7517931e8
  branch: rails3
  specs:
    authlogic (2.1.3)
      activesupport

GEM
  remote: http://rubygems.org/
  specs:
    abstract (1.0.0)
    actionmailer (3.0.9)
      actionpack (= 3.0.9)
      mail (~> 2.2.19)
    actionpack (3.0.9)
      activemodel (= 3.0.9)
      activesupport (= 3.0.9)
      builder (~> 2.1.2)
      erubis (~> 2.6.6)
      i18n (~> 0.5.0)
      rack (~> 1.2.1)
      rack-mount (~> 0.6.14)
      rack-test (~> 0.5.7)
      tzinfo (~> 0.3.23)
    activemerchant (1.17.0)
      activesupport (>= 2.3.11)
      braintree (>= 2.0.0)
      builder (>= 2.0.0)
      json (>= 1.5.1)
    activemerchant_patch_for_china (0.1.6)
      activemerchant (>= 1.4.2)
    activemodel (3.0.9)
      activesupport (= 3.0.9)
      builder (~> 2.1.2)
      i18n (~> 0.5.0)
    activerecord (3.0.9)
      activemodel (= 3.0.9)
      activesupport (= 3.0.9)
      arel (~> 2.0.10)
      tzinfo (~> 0.3.23)
    activeresource (3.0.9)
      activemodel (= 3.0.9)
      activesupport (= 3.0.9)
    activesupport (3.0.9)
    acts-as-taggable-on (2.0.6)
    arel (2.0.10)
    braintree (2.11.0)
      builder (>= 2.0.0)
    builder (2.1.2)
    cancan (1.6.5)
    cocaine (0.2.0)
    daemons (1.1.4)
    dynamic_form (1.1.4)
    erubis (2.6.6)
      abstract (>= 1.0.0)
    eventmachine (0.12.10)
    formtastic (1.2.4)
      actionpack (>= 2.3.7)
      activesupport (>= 2.3.7)
      i18n (~> 0.4)
    guid (0.1.1)
    haml (3.1.2)
    i18n (0.5.0)
    json (1.5.4)
    mail (2.2.19)
      activesupport (>= 2.3.6)
      i18n (>= 0.4.0)
      mime-types (~> 1.16)
      treetop (~> 1.4.8)
    mime-types (1.16)
    mysql2 (0.2.13)
    paperclip (2.4.0)
      activerecord (>= 2.3.0)
      activesupport (>= 2.3.2)
      cocaine (>= 0.0.2)
      mime-types
    polyglot (0.3.2)
    rack (1.2.3)
    rack-mount (0.6.14)
      rack (>= 1.0.0)
    rack-test (0.5.7)
      rack (>= 1.0)
    rails (3.0.9)
      actionmailer (= 3.0.9)
      actionpack (= 3.0.9)
      activerecord (= 3.0.9)
      activeresource (= 3.0.9)
      activesupport (= 3.0.9)
      bundler (~> 1.0)
      railties (= 3.0.9)
    railties (3.0.9)
      actionpack (= 3.0.9)
      activesupport (= 3.0.9)
      rake (>= 0.8.7)
      rdoc (~> 3.4)
      thor (~> 0.14.4)
    rake (0.8.7)
    rdoc (3.9.4)
    sqlite3 (1.3.4)
    thin (1.2.11)
      daemons (>= 1.0.9)
      eventmachine (>= 0.12.6)
      rack (>= 1.0.0)
    thor (0.14.6)
    treetop (1.4.10)
      polyglot
      polyglot (>= 0.3.1)
    tzinfo (0.3.29)
    will_paginate (3.0.0)

PLATFORMS
  ruby

DEPENDENCIES
  activemerchant
  activemerchant_patch_for_china (= 0.1.6)
  acts-as-taggable-on (~> 2.0.6)
  authlogic!
  cancan (~> 1.6.4)
  client_side_validations!
  delayed_job!
  delayed_job_active_record!
  dynamic_form
  formtastic (~> 1.2.3)
  guid
  haml
  mysql2 (~> 0.2.11)
  paperclip (~> 2.3)
  rails (= 3.0.9)
  rake (= 0.8.7)
  simple_captcha!
  sqlite3
  thin
  will_paginate (~> 3.0.pre2)
